PATH
  remote: .
  specs:
    money (5.2.0)
      i18n (~> 0.6.0)
      multi_json (~> 1.3.6)

GEM
  remote: http://rubygems.org/
  specs:
    actionpack (3.2.6)
      activemodel (= 3.2.6)
      activesupport (= 3.2.6)
      builder (~> 3.0.0)
      erubis (~> 2.7.0)
      journey (~> 1.0.1)
      rack (~> 1.4.0)
      rack-cache (~> 1.2)
      rack-test (~> 0.6.1)
      sprockets (~> 2.1.3)
    activemodel (3.2.6)
      activesupport (= 3.2.6)
      builder (~> 3.0.0)
    activesupport (3.2.6)
      i18n (~> 0.6)
      multi_json (~> 1.0)
    builder (3.0.0)
    diff-lcs (1.1.3)
    erubis (2.7.0)
    ffi (1.0.11)
    guard (1.1.1)
      listen (>= 0.4.2)
      thor (>= 0.14.6)
    guard-rspec (1.0.1)
      guard (>= 1.1)
    guard-spork (1.0.0)
      guard (>= 1.0.0)
      spork (>= 0.8.4)
    hike (1.2.1)
    i18n (0.6.0)
    journey (1.0.4)
    json (1.7.3)
    listen (0.4.5)
      rb-fchange (~> 0.0.5)
      rb-fsevent (~> 0.9.1)
      rb-inotify (~> 0.8.8)
    multi_json (1.3.6)
    rack (1.4.1)
    rack-cache (1.2)
      rack (>= 0.4)
    rack-ssl (1.3.2)
      rack
    rack-test (0.6.1)
      rack (>= 1.0)
    railties (3.2.6)
      actionpack (= 3.2.6)
      activesupport (= 3.2.6)
      rack-ssl (~> 1.3.2)
      rake (>= 0.8.7)
      rdoc (~> 3.4)
      thor (>= 0.14.6, < 2.0)
    rake (0.9.2.2)
    rb-fchange (0.0.5)
      ffi
    rb-fsevent (0.9.1)
    rb-inotify (0.8.8)
      ffi (>= 0.5.0)
    rdoc (3.12)
      json (~> 1.4)
    redcarpet (2.1.1)
    rspec (2.10.0)
      rspec-core (~> 2.10.0)
      rspec-expectations (~> 2.10.0)
      rspec-mocks (~> 2.10.0)
    rspec-core (2.10.1)
    rspec-expectations (2.10.0)
      diff-lcs (~> 1.1.3)
    rspec-mocks (2.10.1)
    spork (0.9.2)
    sprockets (2.1.3)
      hike (~> 1.2)
      rack (~> 1.0)
      tilt (~> 1.1, != 1.3.0)
    thor (0.15.2)
    tilt (1.3.3)
    yard (0.8.2.1)

PLATFORMS
  ruby

DEPENDENCIES
  activesupport
  guard (~> 1.1.1)
  guard-rspec (~> 1.0.0)
  guard-spork (~> 1.0.0)
  money!
  railties
  rake
  redcarpet (~> 2.1.1)
  rspec (~> 2.10.0)
  spork (~> 0.9.0)
  yard (~> 0.8.1)
